FRAMEWORK: NET45
NUGET
  remote: https://www.nuget.org/api/v2
    FAKE (4.48)
    FSharp.Core (4.0.0.1)
    FsUnit (2.3.2)
      FSharp.Core (>= 3.1.2.5)
      NUnit (3.5)
    Node.js (5.3)
    Npm.js (2.13.1)
      Node.js (>= 0.12.7)
    NUnit (3.5)
    Octokit (0.23)
GIT
  remote: https://github.com/ionide/FsAutoComplete.git
     (d6aafc4994da0fe2de95190c8485de4258fe3f72)
      build: build.cmd LocalRelease
      os: windows
     (d6aafc4994da0fe2de95190c8485de4258fe3f72)
      build: build.sh LocalRelease
      os: mono
  remote: https://github.com/fsharp-editing/Forge.git
     (0a6c7568affbe43585e8bdbe6f123c0fe1176866)
      build: build.cmd Build
      os: windows
     (0a6c7568affbe43585e8bdbe6f123c0fe1176866)
      build: build.sh Build
      os: mono
  remote: https://github.com/ionide/ionide-fsgrammar.git
     (9f45cc48393b0b17f68ac65669b0fbb01cb36646)
GITHUB
  remote: fsharp/FAKE
    modules/Octokit/Octokit.fsx (4c38cad5f0a1d3f29c22e50ef2bff189be47c730)
      Octokit (>= 0.20)
  remote: Ionide/ionide-vscode-helpers
    Fable.Import.Axios.fs (6e0b34c03eda6f9274695a50bee2bf0a600b54a0)
    Fable.Import.VSCode.fs (6e0b34c03eda6f9274695a50bee2bf0a600b54a0)
    Fable.Import.VSCodeDebugger.fs (6e0b34c03eda6f9274695a50bee2bf0a600b54a0)
    Fable.Import.ws.fs (6e0b34c03eda6f9274695a50bee2bf0a600b54a0)
    Helpers.fs (6e0b34c03eda6f9274695a50bee2bf0a600b54a0)