FRAMEWORK: NET45
NUGET
  remote: https://www.nuget.org/api/v2
    FAKE (4.48)
    FSharp.Core (4.0.0.1)
    FsUnit (2.3.2)
      FSharp.Core (>= 3.1.2.5)
      NUnit (3.5)
    Node.js (5.3)
    Npm.js (2.13.1)
      Node.js (>= 0.12.7)
    NUnit (3.5)
    Octokit (0.23)
GIT
  remote: https://github.com/ionide/FsAutoComplete.git
     (d6aafc4994da0fe2de95190c8485de4258fe3f72)
      build: build.cmd LocalRelease
      os: windows
     (d6aafc4994da0fe2de95190c8485de4258fe3f72)
      build: build.sh LocalRelease
      os: mono
  remote: https://github.com/fsharp-editing/Forge.git
     (d9272b1344dde7b2d5d5527285a7ddb405cd2b01)
      build: build.cmd Build
      os: windows
     (d9272b1344dde7b2d5d5527285a7ddb405cd2b01)
      build: build.sh Build
      os: mono
  remote: https://github.com/ionide/ionide-fsgrammar.git
     (9f45cc48393b0b17f68ac65669b0fbb01cb36646)
GITHUB
  remote: fsharp/FAKE
    modules/Octokit/Octokit.fsx (8ec43485744db1cf943b6cbd1ef3b246f8821467)
      Octokit (>= 0.20)
  remote: Ionide/ionide-vscode-helpers
    Fable.Import.Axios.fs (35380e569a1b8a6044a8ee3b2f3f2c3980c0eaac)
    Fable.Import.VSCode.fs (35380e569a1b8a6044a8ee3b2f3f2c3980c0eaac)
    Fable.Import.ws.fs (35380e569a1b8a6044a8ee3b2f3f2c3980c0eaac)
    Helpers.fs (35380e569a1b8a6044a8ee3b2f3f2c3980c0eaac)